GEM
  remote: http://rubygems.org/
  specs:
    activesupport (3.0.6)
    addressable (2.2.5)
    ansi (1.2.3)
    eventmachine (0.12.10)
    faraday (0.5.7)
      addressable (~> 2.2.4)
      multipart-post (~> 1.1.0)
      rack (< 2, >= 1.1.0)
    json (1.5.1)
    mime-types (1.16)
    multipart-post (1.1.0)
    mustache (0.99.3)
    rack (1.2.2)
    rdiscount (1.6.8)
    rocco (0.6)
      mustache
      rdiscount
    simple_oauth (0.1.4)
    tinder (1.4.3)
      activesupport
      eventmachine
      faraday (~> 0.5.1)
      mime-types
      multipart-post
      twitter-stream
    trollop (1.16.2)
    turn (0.8.2)
      ansi (>= 1.2.2)
    twitter-stream (0.1.13)
      eventmachine (~> 0.12.8)
      simple_oauth (~> 0.1.4)

PLATFORMS
  ruby

DEPENDENCIES
  json
  rocco
  tinder
  trollop
  turn
