GEM
  remote: http://rubygems.org/
  specs:
    activesupport (3.1.0)
      multi_json (~> 1.0)
    addressable (2.2.6)
    ansi (1.3.0)
    eventmachine (0.12.10)
    faraday (0.7.4)
      addressable (~> 2.2.6)
      multipart-post (~> 1.1.0)
      rack (>= 1.1.0, < 2)
    faraday_middleware (0.7.0)
      faraday (~> 0.7.3)
    hashie (1.1.0)
    hpricot (0.8.4)
    http_parser.rb (0.5.2)
    i18n (0.6.0)
    json (1.6.0)
    metaclass (0.0.1)
    mime-types (1.16)
    mocha (0.10.0)
      metaclass (~> 0.0.1)
    multi_json (1.0.3)
    multipart-post (1.1.3)
    mustache (0.99.4)
    rack (1.3.2)
    rake (0.9.2)
    redcarpet (1.17.2)
    redis (2.2.2)
    redis-namespace (1.1.0)
      redis (< 3.0.0)
    rocco (0.8.2)
      mustache
      redcarpet
    simple_oauth (0.1.5)
    system_timer (1.2.4)
    tinder (1.7.0)
      activesupport (>= 2.3, < 4)
      eventmachine (~> 0.12)
      faraday (>= 0.6, < 0.8)
      faraday_middleware (>= 0.6, < 0.8)
      hashie (~> 1.0)
      mime-types (~> 1.16)
      multi_json (~> 1.0)
      multipart-post (~> 1.1)
      twitter-stream (~> 0.1)
    trollop (1.16.2)
    turn (0.8.2)
      ansi (>= 1.2.2)
    twitter-stream (0.1.14)
      eventmachine (>= 0.12.8)
      http_parser.rb (~> 0.5.1)
      simple_oauth (~> 0.1.4)

PLATFORMS
  ruby

DEPENDENCIES
  activesupport
  hpricot
  i18n
  json
  mocha
  rake
  redis
  redis-namespace
  rocco
  system_timer
  tinder
  trollop
  turn
